GEM
  remote: http://rubygems.org/
  specs:
    chunky_png (1.2.5)
    oily_png (1.0.2)
      chunky_png (~> 1.2.1)
    rmagick (2.13.1)

PLATFORMS
  ruby

DEPENDENCIES
  oily_png
  rmagick (>= 2.13.1)
